GEM
  remote: https://rubygems.org/
  specs:
    nio4r (2.5.9)
    puma (6.2.2)
      nio4r (~> 2.0)
    rack (2.2.7)

PLATFORMS
  x86_64-linux

DEPENDENCIES
  puma
  rack

RUBY VERSION
   ruby 3.1.2p20

BUNDLED WITH
   2.3.26
